GEM
  remote: https://rubygems.org/
  specs:
    addressable (2.8.0)
      public_suffix (>= 2.0.2, < 5.0)
    colorator (1.1.0)
    concurrent-ruby (1.1.9)
    eventmachine (1.2.7)
    ffi (1.15.5)
    forwardable-extended (2.6.0)
    http_parser.rb (0.6.0)
    i18n (1.8.11)
      concurrent-ruby (~> 1.0)
    jekyll (4.2.0)
      addressable (~> 2.8)
      colorator (~> 1.1)
      eventmachine (~> 1.2)
      i18n (~> 1.8)
      jekyll-sass-converter (~> 2.0)
      jekyll-watch (~> 2.2)
      kramdown (~> 2.3)
      liquid (~> 4.0)
      mercenary (~> 0.3.6)
      pathutil (~> 0.16)
      rouge (>= 1.7, < 4.0)
      safe_yaml (~> 1.0)
    jekyll-feed (0.12.0)
      jekyll (~> 4.2)
    jekyll-paginate (1.1.0)
    jekyll-seo-tag (2.7.0)
      jekyll (~> 4.2)
    jekyll-sitemap (1.4.0)
      jekyll (~> 4.2)
    jekyll-watch (2.2.2)
      listen (~> 3.2)
    kramdown (2.3.1)
    liquid (4.0.3)
    listen (3.4.0)
      rb-fsevent (~> 0.10.3)
      rb-inotify (~> 0.10.0)
      ruby_dep (~> 1.5.0)
    mercenary (0.3.6)
    pathutil (0.16.2)
      forwardable-extended (~> 2.6)
    public_suffix (4.0.6)
    rb-fsevent (0.10.3)
    rb-inotify (0.10.0)
      ffi (~> 1.15)
    rouge (3.26.0)
    ruby_dep (1.5.0)
    safe_yaml (1.0.5)
    sassc (2.4.0)
      ffi (~> 1.9)
    sassc-rails (2.1.2)
      sassc (~> 2.4)
    sass-listen (4.0.0)
      rb-fsevent (~> 0.10.3)
      rb-inotify (~> 0.10.0)

PLATFORMS
  ruby

DEPENDENCIES
  jekyll (~> 4.2.0)
  jekyll-feed (~> 0.12.0)
  jekyll-paginate (~> 1.1.0)
  jekyll-seo-tag (~> 2.7.0)
  jekyll-sitemap (~> 1.4.0)
  sassc (~> 2.4.0) # Nếu bạn sử dụng Sass

RUBY VERSION
   ruby 2.7.4

BUNDLED WITH
   2.2.33
